GIT
  remote: git://github.com/thoughtbot/capybara-webkit.git
  revision: 32db848231d403df20b7c027665f52e5cb8273c0
  specs:
    capybara-webkit (0.12.0)
      capybara (>= 1.0.0, < 1.2)
      json

GEM
  remote: http://rubygems.org/
  specs:
    addressable (2.3.2)
    capybara (1.1.2)
      mime-types (>= 1.16)
      nokogiri (>= 1.3.3)
      rack (>= 1.0.0)
      rack-test (>= 0.5.4)
      selenium-webdriver (~> 2.0)
      xpath (~> 0.1.4)
    childprocess (0.3.5)
      ffi (~> 1.0, >= 1.0.6)
    faker (1.1.2)
      i18n (~> 0.5)
    ffi (1.1.5)
    i18n (0.6.1)
    json (1.7.5)
    libwebsocket (0.1.5)
      addressable
    mime-types (1.19)
    multi_json (1.3.6)
    nokogiri (1.5.5)
    parallel (0.5.19)
    rack (1.4.1)
    rack-test (0.6.2)
      rack (>= 1.0)
    rubyzip (0.9.9)
    selenium-webdriver (2.25.0)
      childprocess (>= 0.2.5)
      libwebsocket (~> 0.1.3)
      multi_json (~> 1.0)
      rubyzip
    trollop (2.0)
    xpath (0.1.4)
      nokogiri (~> 1.3)

PLATFORMS
  ruby

DEPENDENCIES
  capybara
  capybara-webkit!
  faker
  parallel
  trollop
